PATH
  remote: .
  specs:
    deploify (0.2.0)
      bundler (>= 1.0.21)
      capistrano (~> 2.13.5)
      rvm-capistrano (~> 1.2.7)

GEM
  remote: https://rubygems.org/
  specs:
    capistrano (2.13.5)
      highline
      net-scp (>= 1.0.0)
      net-sftp (>= 2.0.0)
      net-ssh (>= 2.0.14)
      net-ssh-gateway (>= 1.1.0)
    highline (1.6.15)
    net-scp (1.0.4)
      net-ssh (>= 1.99.1)
    net-sftp (2.0.5)
      net-ssh (>= 2.0.9)
    net-ssh (2.6.2)
    net-ssh-gateway (1.1.0)
      net-ssh (>= 1.99.1)
    rvm-capistrano (1.2.7)
      capistrano (>= 2.0.0)

PLATFORMS
  ruby

DEPENDENCIES
  bundler (>= 1.0.21)
  capistrano (~> 2.13.5)
  deploify!
  rvm-capistrano (~> 1.2.7)
